GIT
  remote: git://github.com/jordansissel/fpm.git
  revision: 9866c6d940a238ee8293829d2281225351131506
  specs:
    fpm (1.3.3)
      arr-pm (~> 0.0.10)
      backports (>= 2.6.2)
      cabin (>= 0.6.0)
      childprocess
      clamp (~> 0.6)
      ffi
      json (>= 1.7.7)

GEM
  remote: https://rubygems.org/
  specs:
    arr-pm (0.0.10)
      cabin (> 0)
    aws-sdk (1.64.0)
      aws-sdk-v1 (= 1.64.0)
    aws-sdk-v1 (1.64.0)
      json (~> 1.4)
      nokogiri (>= 1.4.4)
    backports (3.6.4)
    cabin (0.7.1)
    childprocess (0.5.6)
      ffi (~> 1.0, >= 1.0.11)
    clamp (0.6.4)
    deb-s3 (0.7.1)
      aws-sdk (~> 1.18)
      thor (~> 0.18.0)
    ffi (1.9.8)
    json (1.8.2)
    mini_portile (0.6.2)
    nokogiri (1.6.6.2)
      mini_portile (~> 0.6.0)
    thor (0.18.1)

PLATFORMS
  ruby

DEPENDENCIES
  deb-s3
  fpm!
